GEM
  remote: https://rubygems.org/
  specs:
    addressable (2.5.2)
      public_suffix (>= 2.0.2, < 4.0)
    algolia_html_extractor (2.6.1)
      json (~> 2.0)
      nokogiri (~> 1.8.2)
    algoliasearch (1.23.2)
      httpclient (~> 2.8, >= 2.8.3)
      json (>= 1.5.1)
    asciidoctor (1.5.7.1)
    coderay (1.1.2)
    colorator (1.1.0)
    ffi (1.9.25-x64-mingw32)
    filesize (0.2.0)
    forwardable-extended (2.6.0)
    httpclient (2.8.3)
    jekyll (3.6.3)
      addressable (~> 2.4)
      colorator (~> 1.0)
      jekyll-sass-converter (~> 1.0)
      jekyll-watch (~> 1.1)
      kramdown (~> 1.14)
      liquid (~> 4.0)
      mercenary (~> 0.3.3)
      pathutil (~> 0.9)
      rouge (>= 1.7, < 3)
      safe_yaml (~> 1.0)
    jekyll-algolia (1.4.7)
      algolia_html_extractor (~> 2.6)
      algoliasearch (~> 1.18)
      filesize (~> 0.1)
      jekyll (~> 3.0)
      json (~> 2.0)
      nokogiri (~> 1.6)
      progressbar (~> 1.9)
      verbal_expressions (~> 0.1.5)
    jekyll-asciidoc (2.1.0)
      asciidoctor (>= 1.5.0)
      jekyll (>= 2.3.0)
    jekyll-sass-converter (1.5.2)
      sass (~> 3.4)
    jekyll-watch (1.5.1)
      listen (~> 3.0)
    json (2.1.0)
    kramdown (1.17.0)
    liquid (4.0.1)
    listen (3.1.5)
      rb-fsevent (~> 0.9, >= 0.9.4)
      rb-inotify (~> 0.9, >= 0.9.7)
      ruby_dep (~> 1.2)
    mercenary (0.3.6)
    mini_portile2 (2.3.0)
    nokogiri (1.8.5-x64-mingw32)
      mini_portile2 (~> 2.3.0)
    pathutil (0.16.1)
      forwardable-extended (~> 2.6)
    progressbar (1.10.0)
    public_suffix (3.0.3)
    rake (10.5.0)
    rake-jekyll (1.1.0)
      rake (~> 10.0)
    rb-fsevent (0.10.3)
    rb-inotify (0.9.10)
      ffi (>= 0.5.0, < 2)
    rouge (2.2.1)
    ruby_dep (1.5.0)
    safe_yaml (1.0.4)
    sass (3.6.0)
      sass-listen (~> 4.0.0)
    sass-listen (4.0.0)
      rb-fsevent (~> 0.9, >= 0.9.4)
      rb-inotify (~> 0.9, >= 0.9.7)
    verbal_expressions (0.1.5)
    wdm (0.1.1)

PLATFORMS
  x64-mingw32

DEPENDENCIES
  coderay (~> 1.1.0)
  ffi (~> 1.9, >= 1.9.25)
  jekyll (~> 3.6.0)
  jekyll-algolia (~> 1.0)
  jekyll-asciidoc (~> 2.1)
  rake-jekyll (~> 1.1.0)
  wdm (>= 0.1.0)

BUNDLED WITH
   1.16.6
